GEM
  remote: https://rubygems.org/
  specs:
    byebug (11.1.3)
    coderay (1.1.3)
    connection_pool (2.2.3)
    excon (0.76.0)
    method_source (1.0.0)
    pry (0.13.1)
      coderay (~> 1.1)
      method_source (~> 1.0)
    pry-byebug (3.9.0)
      byebug (~> 11.0)
      pry (~> 0.13.0)
    rack (2.2.3)

PLATFORMS
  ruby

DEPENDENCIES
  connection_pool
  excon
  pry-byebug
  rack

RUBY VERSION
   ruby 2.6.3p62

BUNDLED WITH
   2.1.4
